GEM
  remote: https://rubygems.org/
  specs:
    activesupport (4.2.5)
      i18n (~> 0.7)
      json (~> 1.7, >= 1.7.7)
      minitest (~> 5.1)
      thread_safe (~> 0.3, >= 0.3.4)
      tzinfo (~> 1.1)
    claide (1.0.0.beta.1)
    cocoapods (1.0.0.beta.2)
      activesupport (>= 4.0.2)
      claide (>= 1.0.0.beta.1, < 2.0)
      cocoapods-core (= 1.0.0.beta.2)
      cocoapods-deintegrate (>= 1.0.0.beta.1, < 2.0)
      cocoapods-downloader (>= 1.0.0.beta.1, < 2.0)
      cocoapods-plugins (>= 1.0.0.beta.1, < 2.0)
      cocoapods-search (>= 1.0.0.beta.1, < 2.0)
      cocoapods-stats (>= 1.0.0.beta.2, < 2.0)
      cocoapods-trunk (>= 1.0.0.beta.1, < 2.0)
      cocoapods-try (>= 1.0.0.beta.2, < 2.0)
      colored (~> 1.2)
      escape (~> 0.0.4)
      fourflusher (~> 0.3.0)
      molinillo (~> 0.4.1)
      nap (~> 1.0)
      xcodeproj (>= 1.0.0.beta.1, < 2.0)
    cocoapods-core (1.0.0.beta.2)
      activesupport (>= 4.0.2)
      fuzzy_match (~> 2.0.4)
      nap (~> 1.0)
    cocoapods-deintegrate (1.0.0.beta.1)
    cocoapods-downloader (1.0.0.beta.1)
    cocoapods-plugins (1.0.0.beta.1)
      nap
    cocoapods-search (1.0.0.beta.1)
    cocoapods-stats (1.0.0.beta.2)
    cocoapods-trunk (1.0.0.beta.1)
      nap (>= 0.8, < 2.0)
      netrc (= 0.7.8)
    cocoapods-try (1.0.0.beta.2)
    colored (1.2)
    concurrent-ruby (1.0.0)
    escape (0.0.4)
    execjs (2.6.0)
    fourflusher (0.3.0)
    fuzzy_match (2.0.4)
    i18n (0.7.0)
    json (1.8.3)
    minitest (5.8.3)
    molinillo (0.4.1)
    nap (1.0.0)
    netrc (0.7.8)
    opal (0.5.5)
      source_map
    opal-sprockets (0.3.0)
      opal (~> 0.5.0)
      sprockets
    rack (1.6.4)
    rake (10.4.2)
    source_map (3.0.1)
      json
    sprockets (3.5.2)
      concurrent-ruby (~> 1.0)
      rack (> 1, < 3)
    thread_safe (0.3.5)
    tilt (2.0.2)
    tzinfo (1.2.2)
      thread_safe (~> 0.1)
    uglifier (2.7.2)
      execjs (>= 0.3.0)
      json (>= 1.8.0)
    xcodeproj (1.0.0.beta.2)
      activesupport (>= 3)
      claide (>= 1.0.0.beta.1, < 2.0)
      colored (~> 1.2)

PLATFORMS
  ruby

DEPENDENCIES
  cocoapods (>= 1.0.0.beta.2)
  opal
  opal-sprockets
  rake
  tilt (>= 2.0.0)
  uglifier

BUNDLED WITH
   1.11.2
