GEM
  remote: https://rubygems.org/
  specs:
    execjs (2.0.2)
    hike (1.2.3)
    json (1.8.1)
    multi_json (1.8.2)
    opal (0.5.5)
      source_map
    opal-sprockets (0.3.0)
      opal (~> 0.5.0)
      sprockets
    rack (1.5.2)
    rake (10.1.1)
    source_map (3.0.1)
      json
    sprockets (2.10.1)
      hike (~> 1.2)
      multi_json (~> 1.0)
      rack (~> 1.0)
      tilt (~> 1.1, != 1.3.0)
    tilt (1.4.1)
    uglifier (2.4.0)
      execjs (>= 0.3.0)
      json (>= 1.8.0)

PLATFORMS
  ruby

DEPENDENCIES
  opal
  opal-sprockets
  rake
  uglifier
